GEM
  remote: https://rubygems.org/
  specs:
    bson (3.1.2)
    mongo (2.0.6)
      bson (~> 3.0)

PLATFORMS
  ruby

DEPENDENCIES
  mongo (~> 2.0)
